GEM
  remote: http://rubygems.org/
  specs:
    haml (3.1.4)
    httparty (0.14.0)
      multi_xml (>= 0.5.2)
    minitest (2.11.1)
    multi_xml (0.5.5)
    rack (1.6.5)
    rack-protection (1.5.3)
      rack
    rack-test (0.6.1)
      rack (>= 1.0)
    sinatra (1.4.7)
      rack (~> 1.5)
      rack-protection (~> 1.4)
      tilt (>= 1.3, < 3)
    tilt (2.0.5)

PLATFORMS
  ruby

DEPENDENCIES
  haml
  httparty
  minitest
  rack-test
  sinatra

BUNDLED WITH
   1.13.6
