GEM
  remote: http://rubygems.org/
  specs:
    haml (3.1.4)
    httparty (0.14.0)
      multi_xml (>= 0.5.2)
    minitest (2.11.1)
    multi_xml (0.5.5)
    rack (1.4.1)
    rack-protection (1.2.0)
      rack
    rack-test (0.6.1)
      rack (>= 1.0)
    sinatra (1.3.2)
      rack (~> 1.3, >= 1.3.6)
      rack-protection (~> 1.2)
      tilt (~> 1.3, >= 1.3.3)
    tilt (1.3.3)

PLATFORMS
  ruby

DEPENDENCIES
  haml
  httparty
  minitest
  rack-test
  sinatra

BUNDLED WITH
   1.13.6
